GEM
  remote: http://rubygems.org/
  specs:
    activemodel (3.1.1)
      activesupport (= 3.1.1)
      builder (~> 3.0.0)
      i18n (~> 0.6)
    activesupport (3.1.1)
      multi_json (~> 1.0)
    async_sinatra (0.5.0)
      rack (>= 1.2.1)
      sinatra (>= 1.0)
    bson (1.4.0)
    bson_ext (1.4.0)
    builder (3.0.0)
    daemons (1.1.4)
    em-mongo (0.4.1)
      bson (>= 1.1.3)
      bson_ext (>= 1.1.3)
      eventmachine (>= 0.12.10)
    eventmachine (0.12.10)
    i18n (0.6.0)
    json (1.6.1)
    multi_json (1.0.3)
    rack (1.3.5)
    rack-protection (1.1.4)
      rack
    sinatra (1.3.1)
      rack (~> 1.3, >= 1.3.4)
      rack-protection (~> 1.1, >= 1.1.2)
      tilt (~> 1.3, >= 1.3.3)
    thin (1.2.11)
      daemons (>= 1.0.9)
      eventmachine (>= 0.12.6)
      rack (>= 1.0.0)
    tilt (1.3.3)

PLATFORMS
  ruby

DEPENDENCIES
  activemodel
  async_sinatra
  bson_ext
  em-mongo
  i18n
  json
  sinatra
  thin
